PATH
  remote: .
  specs:
    latest-rails-posts (0.1.0)
      nokogiri

GEM
  remote: https://rubygems.org/
  specs:
    coderay (1.1.3)
    colorize (0.8.1)
    method_source (1.0.0)
    mini_portile2 (2.5.1)
    nokogiri (1.11.6)
      mini_portile2 (~> 2.5.0)
      racc (~> 1.4)
    pry (0.14.1)
      coderay (~> 1.1)
      method_source (~> 1.0)
    racc (1.5.2)
    rake (13.0.3)

PLATFORMS
  aarch64-linux

DEPENDENCIES
  bundler (~> 2.2)
  colorize
  latest-rails-posts!
  pry (~> 0.14.0)
  rake (~> 13.0)

BUNDLED WITH
   2.2.17
